GEM
  remote: https://rubygems.org/
  specs:
    mysqlplus (0.1.2)
    sequel (4.17.0)
    thor (0.19.1)

PLATFORMS
  ruby

DEPENDENCIES
  mysqlplus
  sequel
  thor
